GEM
  remote: https://rubygems.org/
  specs:
    CFPropertyList (2.3.2)
    activesupport (4.2.6)
      i18n (~> 0.7)
      json (~> 1.7, >= 1.7.7)
      minitest (~> 5.1)
      thread_safe (~> 0.3, >= 0.3.4)
      tzinfo (~> 1.1)
    awesome_print (1.6.1)
    builder (3.2.2)
    calabash-cucumber (0.19.0)
      awesome_print
      bundler (~> 1.3)
      clipboard (~> 1.0)
      cucumber
      edn (>= 1.0.6, < 2.0)
      geocoder (>= 1.1.8, < 2.0)
      httpclient (>= 2.3.2, < 3.0)
      json
      run_loop (>= 2.1.1, < 3.0)
      slowhandcuke (~> 0.0.3)
    clipboard (1.1.0)
    colorize (0.7.7)
    command_runner_ng (0.1.0)
    cucumber (2.3.3)
      builder (>= 2.1.2)
      cucumber-core (~> 1.4.0)
      cucumber-wire (~> 0.0.1)
      diff-lcs (>= 1.1.3)
      gherkin (~> 3.2.0)
      multi_json (>= 1.7.5, < 2.0)
      multi_test (>= 0.1.2)
    cucumber-core (1.4.0)
      gherkin (~> 3.2.0)
    cucumber-wire (0.0.1)
    diff-lcs (1.2.5)
    domain_name (0.5.20160310)
      unf (>= 0.0.5, < 1.0.0)
    edn (1.1.0)
    geocoder (1.3.4)
    gherkin (3.2.0)
    hashie (3.4.4)
    http-cookie (1.0.2)
      domain_name (~> 0.5)
    httpclient (2.8.0)
    i18n (0.7.0)
    json (1.8.3)
    little-plugger (1.1.4)
    logging (1.8.2)
      little-plugger (>= 1.1.3)
      multi_json (>= 1.8.4)
    logging_factory (0.0.3)
      logging (~> 1.8.1)
      preconditions (~> 0.3.0)
    mime-types (2.99.1)
    minitest (5.9.0)
    mockserver-client (1.0.7)
      activesupport (~> 4.1)
      colorize (~> 0.7)
      hashie (~> 3.0)
      json (~> 1.8)
      logging_factory (~> 0.0.2)
      rest-client (~> 1.7)
      thor (~> 0.19)
    multi_json (1.12.1)
    multi_test (0.1.2)
    netrc (0.11.0)
    preconditions (0.3.0)
    rest-client (1.8.0)
      http-cookie (>= 1.0.2, < 2.0)
      mime-types (>= 1.16, < 3.0)
      netrc (~> 0.7)
    run_loop (2.1.1)
      CFPropertyList (~> 2.2)
      awesome_print (~> 1.2)
      command_runner_ng (>= 0.0.2)
      httpclient (~> 2.6)
      json (~> 1.8)
      thor (>= 0.18.1, < 1.0)
    slowhandcuke (0.0.3)
      cucumber
    thor (0.19.1)
    thread_safe (0.3.5)
    trollop (2.1.2)
    tzinfo (1.2.2)
      thread_safe (~> 0.1)
    unf (0.1.4)
      unf_ext
    unf_ext (0.0.7.2)

PLATFORMS
  ruby

DEPENDENCIES
  calabash-cucumber (~> 0.19.0)
  mockserver-client (~> 1.0.7)
  run_loop (= 2.1.1)
  trollop (~> 2.1.2)

BUNDLED WITH
   1.11.2
